GEM
  remote: https://rubygems.org/
  specs:
    activesupport (4.1.11)
      i18n (~> 0.6, >= 0.6.9)
      json (~> 1.7, >= 1.7.7)
      minitest (~> 5.1)
      thread_safe (~> 0.1)
      tzinfo (~> 1.1)
    activesupport-json_encoder (1.1.0)
      activesupport (>= 4.1.0, < 5.0)
    concurrent-ruby (1.1.4)
    excelsior (0.1.0)
    i18n (0.9.5)
      concurrent-ruby (~> 1.0)
    json (1.8.6)
    minitest (5.11.3)
    neatjson (0.1)
    thread_safe (0.3.6)
    timecode (1.1.2)
    tzinfo (1.2.10)
      thread_safe (~> 0.1)

PLATFORMS
  ruby

DEPENDENCIES
  activesupport (= 4.1.11)
  activesupport-json_encoder
  excelsior (= 0.1.0)
  neatjson (= 0.1)
  timecode (= 1.1.2)

BUNDLED WITH
   1.17.3
